PATH
  remote: .
  specs:
    aws_keychain (0.0.1)
      json (~> 1.7)
      trollop (~> 1.16)

GEM
  remote: http://rubygems.org/
  specs:
    diff-lcs (1.1.3)
    json (1.7.5)
    rake (10.0.1)
    rspec (2.12.0)
      rspec-core (~> 2.12.0)
      rspec-expectations (~> 2.12.0)
      rspec-mocks (~> 2.12.0)
    rspec-core (2.12.0)
    rspec-expectations (2.12.0)
      diff-lcs (~> 1.1.3)
    rspec-mocks (2.12.0)
    trollop (1.16.2)

PLATFORMS
  ruby

DEPENDENCIES
  aws_keychain!
  bundler
  rake
  rspec (~> 2.11)
